PATH
  remote: .
  specs:
    rosette-extractor-java (1.0.0)

PATH
  remote: ~/workspace/rosette-core
  specs:
    rosette-core (1.0.0)
      progress-reporters (~> 1.0.0)

GEM
  remote: https://rubygems.org/
  specs:
    axiom-types (0.1.1)
      descendants_tracker (~> 0.0.4)
      ice_nine (~> 0.11.0)
      thread_safe (~> 0.3, >= 0.3.1)
    coderay (1.1.0)
    coercible (1.0.0)
      descendants_tracker (~> 0.0.1)
    descendants_tracker (0.0.4)
      thread_safe (~> 0.3, >= 0.3.1)
    equalizer (0.0.9)
    ffi (1.9.5-java)
    ice_nine (0.11.0)
    jar-dependencies (0.1.3)
    jbundler (0.6.4)
      bundler (~> 1.5)
      jar-dependencies (~> 0.1.3)
      ruby-maven (>= 3.1.1.0.6, < 3.1.2)
    maven-tools (1.0.5)
      virtus (~> 1.0)
    method_source (0.8.2)
    progress-reporters (1.0.0)
    pry (0.9.12.6-java)
      coderay (~> 1.0)
      method_source (~> 0.8)
      slop (~> 3.4)
      spoon (~> 0.0)
    pry-nav (0.2.4)
      pry (>= 0.9.10, < 0.11.0)
    rake (10.3.2)
    ruby-maven (3.1.1.0.8)
      maven-tools (~> 1.0.1)
      ruby-maven-libs (= 3.1.1)
    ruby-maven-libs (3.1.1)
    slop (3.6.0)
    spoon (0.0.4)
      ffi
    thread_safe (0.3.4-java)
    virtus (1.0.3)
      axiom-types (~> 0.1)
      coercible (~> 1.0)
      descendants_tracker (~> 0.0, >= 0.0.3)
      equalizer (~> 0.0, >= 0.0.9)

PLATFORMS
  java
  ruby

DEPENDENCIES
  jbundler
  pry (~> 0.9.0)
  pry-nav
  rake
  rosette-core!
  rosette-extractor-java!
